GEM
  remote: https://rubygems.org/
  specs:
    abstract_type (0.0.7)
    adamantium (0.2.0)
      ice_nine (~> 0.11.0)
      memoizable (~> 0.4.0)
    addressable (2.5.2)
      public_suffix (>= 2.0.2, < 4.0)
    ast (2.4.0)
    backports (3.11.1)
    bcrypt (3.1.11)
    byebug (10.0.0)
    coderay (1.1.2)
    concord (0.1.5)
      adamantium (~> 0.2.0)
      equalizer (~> 0.0.9)
    diff-lcs (1.3)
    dotenv (2.2.1)
    equalizer (0.0.11)
    equatable (0.5.0)
    et-orbi (1.0.9)
      tzinfo
    faraday (0.14.0)
      multipart-post (>= 1.2, < 3)
    git (1.3.0)
    ice_nine (0.11.2)
    memoizable (0.4.2)
      thread_safe (~> 0.3, >= 0.3.1)
    method_source (0.9.0)
    multi_json (1.13.1)
    multipart-post (2.0.0)
    mustermann (1.0.2)
    octokit (4.8.0)
      sawyer (~> 0.8.0, >= 0.5.3)
    parallel (1.12.1)
    parser (2.4.0.2)
      ast (~> 2.3)
    pastel (0.7.2)
      equatable (~> 0.5.0)
      tty-color (~> 0.4.0)
    powerpack (0.1.1)
    procto (0.0.3)
    pry (0.11.3)
      coderay (~> 1.1.0)
      method_source (~> 0.9.0)
    pry-byebug (3.6.0)
      byebug (~> 10.0)
      pry (~> 0.10)
    public_suffix (3.0.2)
    rack (2.0.4)
    rack-protection (2.0.1)
      rack
    rack-test (0.8.2)
      rack (>= 1.0, < 3)
    rainbow (3.0.0)
    rake (12.3.0)
    rspec (3.7.0)
      rspec-core (~> 3.7.0)
      rspec-expectations (~> 3.7.0)
      rspec-mocks (~> 3.7.0)
    rspec-core (3.7.1)
      rspec-support (~> 3.7.0)
    rspec-expectations (3.7.0)
      diff-lcs (>= 1.2.0, < 2.0)
      rspec-support (~> 3.7.0)
    rspec-mocks (3.7.0)
      diff-lcs (>= 1.2.0, < 2.0)
      rspec-support (~> 3.7.0)
    rspec-support (3.7.1)
    rubocop (0.52.1)
      parallel (~> 1.10)
      parser (>= 2.4.0.2, < 3.0)
      powerpack (~> 0.1)
      rainbow (>= 2.2.2, < 4.0)
      ruby-progressbar (~> 1.7)
      unicode-display_width (~> 1.0, >= 1.0.1)
    ruby-progressbar (1.9.0)
    rufus-scheduler (3.4.2)
      et-orbi (~> 1.0)
    sawyer (0.8.1)
      addressable (>= 2.3.5, < 2.6)
      faraday (~> 0.8, < 1.0)
    sinatra (2.0.1)
      mustermann (~> 1.0)
      rack (~> 2.0)
      rack-protection (= 2.0.1)
      tilt (~> 2.0)
    sinatra-contrib (2.0.1)
      backports (>= 2.0)
      multi_json
      mustermann (~> 1.0)
      rack-protection (= 2.0.1)
      sinatra (= 2.0.1)
      tilt (>= 1.3, < 3)
    thread_safe (0.3.6)
    tilt (2.0.8)
    tty-color (0.4.2)
    tty-command (0.7.0)
      pastel (~> 0.7.0)
    tzinfo (1.2.5)
      thread_safe (~> 0.1)
    unicode-display_width (1.3.0)
    unparser (0.2.6)
      abstract_type (~> 0.0.7)
      adamantium (~> 0.2.0)
      concord (~> 0.1.5)
      diff-lcs (~> 1.3)
      equalizer (~> 0.0.9)
      parser (>= 2.3.1.2, < 2.5)
      procto (~> 0.0.2)

PLATFORMS
  ruby

DEPENDENCIES
  bcrypt (>= 3.1.11, < 4.0.0)
  dotenv (>= 2.2.1, < 3.0.0)
  git (>= 1.3.0, < 2.0.0)
  octokit (>= 4.8.0, < 5.0.0)
  parser (>= 2.4.0.2, < 2.5.0.0)
  pry
  pry-byebug
  rack-test
  rake
  rspec
  rubocop
  rufus-scheduler
  sinatra (>= 2.0.1, < 3.0)
  sinatra-contrib (>= 2.0.0, < 3.0)
  tty-command (>= 0.7.0, < 1.0.0)
  unparser (>= 0.2.6, < 1.0.0)

BUNDLED WITH
   1.16.1
